GEM
  remote: https://rubygems.org/
  specs:
    CFPropertyList (2.3.5)
    claide (1.0.2)
    colored2 (3.1.2)
    nanaimo (0.2.3)
    rake (12.0.0)
    xcodeproj (1.4.4)
      CFPropertyList (~> 2.3.3)
      claide (>= 1.0.1, < 2.0)
      colored2 (~> 3.1)
      nanaimo (~> 0.2.3)

PLATFORMS
  ruby

DEPENDENCIES
  rake (= 12.0.0)
  xcodeproj (= 1.4.4)

RUBY VERSION
   ruby 2.0.0p648

BUNDLED WITH
   1.15.1
